GIT
  remote: git://github.com/neshmi/aws-s3.git
  revision: 422b81479f41f6f62d34cb2dc81209c4cbd904f5
  branch: master
  specs:
    aws-s3 (0.6.4)

GEM
  remote: http://rubygems.org/
  specs:
    appraisal (0.1)
      bundler
      rake
    columnize (0.3.2)
    linecache (0.43)
    mocha (0.9.9)
      rake
    rake (0.8.7)
    ruby-debug (0.10.4)
      columnize (>= 0.1)
      ruby-debug-base (~> 0.10.4.0)
    ruby-debug-base (0.10.4)
      linecache (>= 0.3)
    shoulda (2.11.3)
    sqlite3-ruby (1.3.2)

PLATFORMS
  ruby

DEPENDENCIES
  appraisal
  aws-s3 (= 0.6.4)!
  mocha
  rake
  ruby-debug
  shoulda
  sqlite3-ruby (~> 1.3.0)
